STORAGE: NONE
RESTRICTION: == net6.0
NUGET
  remote: https://api.nuget.org/v3/index.json
    DocumentFormat.OpenXml (3.0.0-beta0003)
      DocumentFormat.OpenXml.Framework (>= 3.0.0-beta0003)
    DocumentFormat.OpenXml.Framework (3.0.0-beta0003)
      System.IO.Packaging (>= 7.0)
    IDisposableAnalyzers (4.0.6)
    Microsoft.CodeCoverage (17.7.2)
    Microsoft.NET.Test.Sdk (17.7.2)
      Microsoft.CodeCoverage (>= 17.7.2)
      Microsoft.TestPlatform.TestHost (>= 17.7.2)
    Microsoft.NETCore.Platforms (7.0.4)
    Microsoft.TestPlatform.ObjectModel (17.7.2)
      NuGet.Frameworks (>= 6.5)
      System.Reflection.Metadata (>= 1.6)
    Microsoft.TestPlatform.TestHost (17.7.2)
      Microsoft.TestPlatform.ObjectModel (>= 17.7.2)
      Newtonsoft.Json (>= 13.0.1)
    NETStandard.Library (2.0.3)
      Microsoft.NETCore.Platforms (>= 1.1)
    Newtonsoft.Json (13.0.3)
    NuGet.Frameworks (6.7)
    SixLabors.Fonts (1.0)
    SixLabors.ImageSharp (3.0.2)
    SixLabors.ImageSharp.Drawing (1.0)
      SixLabors.Fonts (>= 1.0)
      SixLabors.ImageSharp (>= 2.1.5)
    System.Collections.Immutable (7.0)
      System.Runtime.CompilerServices.Unsafe (>= 6.0)
    System.IO.Packaging (7.0)
    System.Reflection.Metadata (7.0.2)
      System.Collections.Immutable (>= 7.0)
    System.Runtime.CompilerServices.Unsafe (6.0)
    System.Text.Encoding.CodePages (7.0)
      System.Runtime.CompilerServices.Unsafe (>= 6.0)
    xunit (2.5)
      xunit.analyzers (>= 1.2)
      xunit.assert (>= 2.5)
      xunit.core (2.5)
    xunit.abstractions (2.0.3)
    xunit.analyzers (1.2)
    xunit.assert (2.5)
      NETStandard.Library (>= 1.6.1)
    xunit.core (2.5)
      xunit.extensibility.core (2.5)
      xunit.extensibility.execution (2.5)
    xunit.extensibility.core (2.5)
      NETStandard.Library (>= 1.6.1)
      xunit.abstractions (>= 2.0.3)
    xunit.extensibility.execution (2.5)
      NETStandard.Library (>= 1.6.1)
      xunit.extensibility.core (2.5)
    xunit.runner.console (2.5)
    xunit.runner.visualstudio (2.5)
