STORAGE: NONE
RESTRICTION: == net8.0
NUGET
  remote: https://api.nuget.org/v3/index.json
    DocumentFormat.OpenXml (3.0.2)
      DocumentFormat.OpenXml.Framework (>= 3.0.2)
    DocumentFormat.OpenXml.Framework (3.0.2)
      System.IO.Packaging (>= 8.0)
    IDisposableAnalyzers (4.0.7)
    Microsoft.CodeCoverage (17.9)
    Microsoft.NET.Test.Sdk (17.9)
      Microsoft.CodeCoverage (>= 17.9)
      Microsoft.TestPlatform.TestHost (>= 17.9)
    Microsoft.NETCore.Platforms (7.0.4)
    Microsoft.TestPlatform.ObjectModel (17.9)
      System.Reflection.Metadata (>= 1.6)
    Microsoft.TestPlatform.TestHost (17.9)
      Microsoft.TestPlatform.ObjectModel (>= 17.9)
      Newtonsoft.Json (>= 13.0.1)
    Newtonsoft.Json (13.0.3)
    SixLabors.Fonts (2.0.2)
    SixLabors.ImageSharp (3.1.3)
    SixLabors.ImageSharp.Drawing (2.1.2)
      SixLabors.Fonts (>= 2.0.1)
      SixLabors.ImageSharp (>= 3.1.3)
    System.Collections.Immutable (8.0)
    System.IO.Packaging (8.0)
    System.Reflection.Metadata (8.0)
      System.Collections.Immutable (>= 8.0)
    System.Text.Encoding.CodePages (8.0)
    xunit (2.7)
      xunit.analyzers (>= 1.11)
      xunit.assert (>= 2.7)
      xunit.core (2.7)
    xunit.abstractions (2.0.3)
    xunit.analyzers (1.11)
    xunit.assert (2.7)
    xunit.core (2.7)
      xunit.extensibility.core (2.7)
      xunit.extensibility.execution (2.7)
    xunit.extensibility.core (2.7)
      xunit.abstractions (>= 2.0.3)
    xunit.extensibility.execution (2.7)
      xunit.extensibility.core (2.7)
    xunit.runner.console (2.7)
    xunit.runner.visualstudio (2.5.7)
