STORAGE: NONE
RESTRICTION: || (== net461) (== netcoreapp3.1) (== netstandard2.0)
NUGET
  remote: https://api.nuget.org/v3/index.json
    DocumentFormat.OpenXml (2.11.3)
      System.IO.Packaging (>= 4.7)
    Microsoft.CodeCoverage (16.7.1) - restriction: || (== net461) (== netcoreapp3.1) (&& (== netstandard2.0) (>= net45)) (&& (== netstandard2.0) (>= netcoreapp2.1))
    Microsoft.NET.Test.Sdk (16.7.1)
      Microsoft.CodeCoverage (>= 16.7.1) - restriction: || (== net461) (== netcoreapp3.1) (&& (== netstandard2.0) (>= net45)) (&& (== netstandard2.0) (>= netcoreapp2.1))
      Microsoft.TestPlatform.TestHost (>= 16.7.1) - restriction: || (&& (== net461) (>= netcoreapp2.1)) (== netcoreapp3.1) (&& (== netstandard2.0) (>= netcoreapp2.1))
    Microsoft.NETCore.Platforms (3.1.3) - restriction: || (&& (== net461) (< net45)) (&& (== net461) (< net452)) (&& (== net461) (>= netcoreapp2.0)) (&& (== net461) (< netstandard1.0)) (&& (== net461) (< netstandard1.3) (>= wpa81)) (&& (== net461) (< portable-net45+win8+wpa81)) (&& (== net461) (>= uap10.0)) (&& (== net461) (>= uap10.1)) (&& (== net461) (>= wp8)) (== netcoreapp3.1) (== netstandard2.0)
    Microsoft.NETFramework.ReferenceAssemblies (1.0)
      Microsoft.NETFramework.ReferenceAssemblies.net461 (>= 1.0) - restriction: || (== net461) (&& (== netcoreapp3.1) (>= net461)) (&& (== netstandard2.0) (>= net461))
    Microsoft.NETFramework.ReferenceAssemblies.net461 (1.0) - restriction: || (== net461) (&& (== netcoreapp3.1) (>= net461)) (&& (== netstandard2.0) (>= net461))
    Microsoft.TestPlatform.ObjectModel (16.7.1) - restriction: || (&& (== net461) (>= netcoreapp2.1)) (== netcoreapp3.1) (&& (== netstandard2.0) (>= netcoreapp2.1))
      NuGet.Frameworks (>= 5.0)
    Microsoft.TestPlatform.TestHost (16.7.1) - restriction: || (&& (== net461) (>= netcoreapp2.1)) (== netcoreapp3.1) (&& (== netstandard2.0) (>= netcoreapp2.1))
      Microsoft.TestPlatform.ObjectModel (>= 16.7.1) - restriction: || (&& (== net461) (>= netcoreapp2.1)) (&& (== net461) (>= uap10.0)) (== netcoreapp3.1) (&& (== netstandard2.0) (>= netcoreapp2.1)) (&& (== netstandard2.0) (>= uap10.0))
      Newtonsoft.Json (>= 9.0.1) - restriction: || (&& (== net461) (>= netcoreapp2.1)) (&& (== net461) (>= uap10.0)) (== netcoreapp3.1) (&& (== netstandard2.0) (>= netcoreapp2.1)) (&& (== netstandard2.0) (>= uap10.0))
    Microsoft.Win32.SystemEvents (4.7) - restriction: || (&& (== net461) (>= netcoreapp2.0)) (== netcoreapp3.1) (&& (== netstandard2.0) (>= netcoreapp2.0))
      Microsoft.NETCore.Platforms (>= 3.1) - restriction: || (&& (== net461) (>= netcoreapp2.0)) (== netcoreapp3.1) (&& (== netstandard2.0) (>= netcoreapp2.0))
    NETStandard.Library (2.0.3) - restriction: || (&& (== net461) (< net452)) (== netcoreapp3.1) (== netstandard2.0)
      Microsoft.NETCore.Platforms (>= 1.1)
    Newtonsoft.Json (12.0.3) - restriction: || (&& (== net461) (>= netcoreapp2.1)) (== netcoreapp3.1) (&& (== netstandard2.0) (>= netcoreapp2.1))
    NuGet.Frameworks (5.7) - restriction: || (&& (== net461) (>= netcoreapp2.1)) (== netcoreapp3.1) (&& (== netstandard2.0) (>= netcoreapp2.1))
    System.Drawing.Common (4.7)
      Microsoft.NETCore.Platforms (>= 3.1) - restriction: || (&& (== net461) (>= netcoreapp2.0)) (== netcoreapp3.1) (&& (== netstandard2.0) (>= netcoreapp2.0))
      Microsoft.Win32.SystemEvents (>= 4.7) - restriction: || (&& (== net461) (>= netcoreapp2.0)) (== netcoreapp3.1) (&& (== netstandard2.0) (>= netcoreapp2.0))
    System.IO.FileSystem.Primitives (4.3) - restriction: || (== net461) (&& (== netcoreapp3.1) (>= net46)) (&& (== netcoreapp3.1) (< netstandard2.0)) (&& (== netstandard2.0) (>= net46))
    System.IO.Packaging (4.7)
      System.IO.FileSystem.Primitives (>= 4.3) - restriction: || (== net461) (&& (== netcoreapp3.1) (>= net46)) (&& (== netcoreapp3.1) (< netstandard2.0)) (&& (== netstandard2.0) (>= net46))
    xunit (2.4.1)
      xunit.analyzers (>= 0.10)
      xunit.assert (2.4.1)
      xunit.core (2.4.1)
    xunit.abstractions (2.0.3)
    xunit.analyzers (0.10)
    xunit.assert (2.4.1)
      NETStandard.Library (>= 1.6.1) - restriction: || (&& (== net461) (< net452)) (== netcoreapp3.1) (== netstandard2.0)
    xunit.core (2.4.1)
      xunit.extensibility.core (2.4.1)
      xunit.extensibility.execution (2.4.1)
    xunit.extensibility.core (2.4.1)
      NETStandard.Library (>= 1.6.1) - restriction: || (&& (== net461) (< net452)) (== netcoreapp3.1) (== netstandard2.0)
      xunit.abstractions (>= 2.0.3)
    xunit.extensibility.execution (2.4.1)
      NETStandard.Library (>= 1.6.1) - restriction: || (&& (== net461) (< net452)) (== netcoreapp3.1) (== netstandard2.0)
      xunit.extensibility.core (2.4.1)
    xunit.runner.console (2.4.1)
    xunit.runner.visualstudio (2.4.3)
