STORAGE: NONE
RESTRICTION: == net8.0
NUGET
  remote: https://api.nuget.org/v3/index.json
    DocumentFormat.OpenXml (3.1)
      DocumentFormat.OpenXml.Framework (>= 3.1)
    DocumentFormat.OpenXml.Framework (3.1)
      System.IO.Packaging (>= 8.0)
    IDisposableAnalyzers (4.0.8)
    Microsoft.CodeCoverage (17.11.1)
    Microsoft.NET.Test.Sdk (17.11.1)
      Microsoft.CodeCoverage (>= 17.11.1)
      Microsoft.TestPlatform.TestHost (>= 17.11.1)
    Microsoft.NETCore.Platforms (7.0.4)
    Microsoft.TestPlatform.ObjectModel (17.11.1)
      System.Reflection.Metadata (>= 1.6)
    Microsoft.TestPlatform.TestHost (17.11.1)
      Microsoft.TestPlatform.ObjectModel (>= 17.11.1)
      Newtonsoft.Json (>= 13.0.1)
    Newtonsoft.Json (13.0.3)
    SixLabors.Fonts (2.0.4)
    SixLabors.ImageSharp (3.1.5)
    SixLabors.ImageSharp.Drawing (2.1.4)
      SixLabors.Fonts (>= 2.0.4)
      SixLabors.ImageSharp (>= 3.1.5)
    System.Collections.Immutable (8.0)
    System.IO.Packaging (8.0)
    System.Reflection.Metadata (8.0)
      System.Collections.Immutable (>= 8.0)
    System.Text.Encoding.CodePages (8.0)
    xunit (2.9.2)
      xunit.analyzers (>= 1.16)
      xunit.assert (>= 2.9.2)
      xunit.core (2.9.2)
    xunit.abstractions (2.0.3)
    xunit.analyzers (1.16)
    xunit.assert (2.9.2)
    xunit.core (2.9.2)
      xunit.extensibility.core (2.9.2)
      xunit.extensibility.execution (2.9.2)
    xunit.extensibility.core (2.9.2)
      xunit.abstractions (>= 2.0.3)
    xunit.extensibility.execution (2.9.2)
      xunit.extensibility.core (2.9.2)
    xunit.runner.console (2.9.2)
    xunit.runner.visualstudio (2.8.2)
